GEM
  remote: https://rubygems.org/
  specs:
    eventmachine (1.0.9)
    ffi (1.9.13)
    pi_piper (2.0.0)
      eventmachine (= 1.0.9)
      ffi
    rack (1.6.4)
    rack-protection (1.5.3)
      rack
    sinatra (1.4.7)
      rack (~> 1.5)
      rack-protection (~> 1.4)
      tilt (>= 1.3, < 3)
    tilt (2.0.5)

PLATFORMS
  ruby

DEPENDENCIES
  pi_piper
  sinatra

BUNDLED WITH
   1.12.5
